GEM
  remote: https://rubygems.org/
  specs:
    addressable (2.8.7)
      public_suffix (>= 2.0.2, < 7.0)
    ast (2.4.3)
    bigdecimal (3.2.3)
    byebug (12.0.0)
    concurrent-ruby (1.2.2)
    crack (1.0.0)
      bigdecimal
      rexml
    diff-lcs (1.6.2)
    faraday (2.13.4)
      faraday-net_http (>= 2.0, < 3.5)
      json
      logger
    faraday-net_http (3.4.1)
      net-http (>= 0.5.0)
    hashdiff (1.1.2)
    heroku-log-parser (0.4.0)
    json (2.13.2)
    language_server-protocol (3.17.0.5)
    lint_roller (1.1.0)
    logger (1.7.0)
    mini_portile2 (2.8.9)
    net-http (0.6.0)
      uri
    nio4r (2.7.4)
    parallel (1.27.0)
    parser (3.3.9.0)
      ast (~> 2.4.1)
      racc
    prism (1.4.0)
    public_suffix (6.0.1)
    puma (6.6.1)
      nio4r (~> 2.0)
    racc (1.8.1)
    rack (3.2.0)
    rack-test (2.2.0)
      rack (>= 1.3)
    rackup (2.2.1)
      rack (>= 3)
    rainbow (3.1.1)
    regexp_parser (2.11.2)
    rexml (3.4.1)
    roda (3.95.0)
      rack
    rspec (3.13.1)
      rspec-core (~> 3.13.0)
      rspec-expectations (~> 3.13.0)
      rspec-mocks (~> 3.13.0)
    rspec-core (3.13.4)
      rspec-support (~> 3.13.0)
    rspec-expectations (3.13.5)
      diff-lcs (>= 1.2.0, < 2.0)
      rspec-support (~> 3.13.0)
    rspec-mocks (3.13.5)
      diff-lcs (>= 1.2.0, < 2.0)
      rspec-support (~> 3.13.0)
    rspec-support (3.13.4)
    rubocop (1.80.2)
      json (~> 2.3)
      language_server-protocol (~> 3.17.0.2)
      lint_roller (~> 1.1.0)
      parallel (~> 1.10)
      parser (>= 3.3.0.2)
      rainbow (>= 2.2.2, < 4.0)
      regexp_parser (>= 2.9.3, < 3.0)
      rubocop-ast (>= 1.46.0, < 2.0)
      ruby-progressbar (~> 1.7)
      unicode-display_width (>= 2.4.0, < 4.0)
    rubocop-ast (1.46.0)
      parser (>= 3.3.7.2)
      prism (~> 1.4)
    rubocop-performance (1.26.0)
      lint_roller (~> 1.1)
      rubocop (>= 1.75.0, < 2.0)
      rubocop-ast (>= 1.44.0, < 2.0)
    rubocop-sequel (0.4.1)
      lint_roller (~> 1.1)
      rubocop (>= 1.72.1, < 2)
    ruby-progressbar (1.13.0)
    sequel (5.96.0)
      bigdecimal
    sqlite3 (2.7.3)
      mini_portile2 (~> 2.8.0)
    sucker_punch (3.2.0)
      concurrent-ruby (~> 1.0)
    timecop (0.9.10)
    unicode-display_width (3.1.5)
      unicode-emoji (~> 4.0, >= 4.0.4)
    unicode-emoji (4.0.4)
    uri (1.0.3)
    webmock (3.25.1)
      addressable (>= 2.8.0)
      crack (>= 0.3.2)
      hashdiff (>= 0.4.0, < 2.0.0)

PLATFORMS
  ruby

DEPENDENCIES
  byebug
  faraday
  heroku-log-parser
  puma
  rack-test
  rackup
  roda
  rspec
  rubocop
  rubocop-performance
  rubocop-sequel
  sequel
  sqlite3
  sucker_punch
  timecop
  webmock

RUBY VERSION
   ruby 3.3.4p94

BUNDLED WITH
   2.5.17
