GEM
  remote: https://rubygems.org/
  specs:
    addressable (2.8.1)
      public_suffix (>= 2.0.2, < 6.0)
    ast (2.4.2)
    byebug (11.1.3)
    concurrent-ruby (1.2.0)
    crack (0.4.5)
      rexml
    diff-lcs (1.5.0)
    faraday (2.7.6)
      faraday-net_http (>= 2.0, < 3.1)
      ruby2_keywords (>= 0.0.4)
    faraday-net_http (3.0.2)
    hashdiff (1.0.1)
    heroku-log-parser (0.4.0)
    json (2.6.3)
    mini_portile2 (2.8.2)
    nio4r (2.5.9)
    parallel (1.23.0)
    parser (3.2.2.3)
      ast (~> 2.4.1)
      racc
    public_suffix (5.0.1)
    puma (6.3.0)
      nio4r (~> 2.0)
    racc (1.7.0)
    rack (3.0.8)
    rack-test (2.1.0)
      rack (>= 1.3)
    rackup (2.1.0)
      rack (>= 3)
      webrick (~> 1.8)
    rainbow (3.1.1)
    regexp_parser (2.8.1)
    rexml (3.2.5)
    roda (3.69.0)
      rack
    rspec (3.12.0)
      rspec-core (~> 3.12.0)
      rspec-expectations (~> 3.12.0)
      rspec-mocks (~> 3.12.0)
    rspec-core (3.12.1)
      rspec-support (~> 3.12.0)
    rspec-expectations (3.12.2)
      diff-lcs (>= 1.2.0, < 2.0)
      rspec-support (~> 3.12.0)
    rspec-mocks (3.12.3)
      diff-lcs (>= 1.2.0, < 2.0)
      rspec-support (~> 3.12.0)
    rspec-support (3.12.0)
    rubocop (1.52.1)
      json (~> 2.3)
      parallel (~> 1.10)
      parser (>= 3.2.2.3)
      rainbow (>= 2.2.2, < 4.0)
      regexp_parser (>= 1.8, < 3.0)
      rexml (>= 3.2.5, < 4.0)
      rubocop-ast (>= 1.28.0, < 2.0)
      ruby-progressbar (~> 1.7)
      unicode-display_width (>= 2.4.0, < 3.0)
    rubocop-ast (1.29.0)
      parser (>= 3.2.1.0)
    rubocop-performance (1.18.0)
      rubocop (>= 1.7.0, < 2.0)
      rubocop-ast (>= 0.4.0)
    rubocop-sequel (0.3.4)
      rubocop (~> 1.0)
    ruby-progressbar (1.13.0)
    ruby2_keywords (0.0.5)
    sequel (5.69.0)
    sqlite3 (1.6.3)
      mini_portile2 (~> 2.8.0)
    sucker_punch (3.1.0)
      concurrent-ruby (~> 1.0)
    timecop (0.9.6)
    unicode-display_width (2.4.2)
    webmock (3.18.1)
      addressable (>= 2.8.0)
      crack (>= 0.3.2)
      hashdiff (>= 0.4.0, < 2.0.0)
    webrick (1.8.1)

PLATFORMS
  ruby

DEPENDENCIES
  byebug
  faraday
  heroku-log-parser
  puma
  rack-test
  rackup
  roda
  rspec
  rubocop
  rubocop-performance
  rubocop-sequel
  sequel
  sqlite3
  sucker_punch
  timecop
  webmock

RUBY VERSION
   ruby 3.2.2p53

BUNDLED WITH
   2.3.4
